GEM
  remote: https://rubygems.org/
  specs:
    aws-sdk-v1 (1.67.0)
      json (~> 1.4)
      nokogiri (~> 1)
    json (1.8.6)
    mini_portile2 (2.3.0)
    nokogiri (1.8.5)
      mini_portile2 (~> 2.3.0)
    redcarpet (3.4.0)

PLATFORMS
  ruby

DEPENDENCIES
  aws-sdk-v1!
  redcarpet!

BUNDLED WITH
   1.16.1
